GEM
  remote: https://rubygems.org/
  specs:
    addressable (2.3.8)
    crack (0.4.2)
      safe_yaml (~> 1.0.0)
    dalli (2.7.4)
    diff-lcs (1.2.5)
    foreman (0.78.0)
      thor (~> 0.19.1)
    httparty (0.13.3)
      json (~> 1.8)
      multi_xml (>= 0.5.2)
    json (1.8.2)
    kgio (2.9.3)
    memcachier (0.0.2)
    mini_portile (0.6.2)
    multi_xml (0.5.5)
    nokogiri (1.6.6.2)
      mini_portile (~> 0.6.0)
    rack (1.6.0)
    rack-protection (1.5.3)
      rack
    raindrops (0.13.0)
    rspec (3.2.0)
      rspec-core (~> 3.2.0)
      rspec-expectations (~> 3.2.0)
      rspec-mocks (~> 3.2.0)
    rspec-core (3.2.3)
      rspec-support (~> 3.2.0)
    rspec-expectations (3.2.1)
      diff-lcs (>= 1.2.0, < 2.0)
      rspec-support (~> 3.2.0)
    rspec-mocks (3.2.1)
      diff-lcs (>= 1.2.0, < 2.0)
      rspec-support (~> 3.2.0)
    rspec-support (3.2.2)
    safe_yaml (1.0.4)
    sinatra (1.4.6)
      rack (~> 1.4)
      rack-protection (~> 1.4)
      tilt (>= 1.3, < 3)
    thor (0.19.1)
    tilt (2.0.1)
    timecop (0.7.3)
    unicorn (4.8.3)
      kgio (~> 2.6)
      rack
      raindrops (~> 0.7)
    vcr (2.9.3)
    webmock (1.21.0)
      addressable (>= 2.3.6)
      crack (>= 0.3.2)

PLATFORMS
  ruby

DEPENDENCIES
  addressable
  dalli
  foreman
  httparty
  json
  memcachier
  nokogiri
  rspec
  sinatra
  timecop
  unicorn
  vcr
  webmock
